GEM
  remote: https://rubygems.org/
  specs:
    eventmachine (1.2.7)
    r_socks (0.2.3)
      eventmachine (~> 1.2, >= 1.2.7)

PLATFORMS
  ruby

DEPENDENCIES
  r_socks (~> 0.2.3)

BUNDLED WITH
   2.1.4
